GEM
  remote: https://rubygems.org/
  specs:
    benchmark-ips (2.8.2)
    minitest (5.14.0)
    rake (13.0.1)

PLATFORMS
  ruby

DEPENDENCIES
  benchmark-ips
  minitest
  rake

BUNDLED WITH
   2.0.2
